GEM
  remote: https://rubygems.org/
  specs:
    actionmailer (4.1.9)
      actionpack (= 4.1.9)
      actionview (= 4.1.9)
      mail (~> 2.5, >= 2.5.4)
    actionpack (4.1.9)
      actionview (= 4.1.9)
      activesupport (= 4.1.9)
      rack (~> 1.5.2)
      rack-test (~> 0.6.2)
    actionview (4.1.9)
      activesupport (= 4.1.9)
      builder (~> 3.1)
      erubis (~> 2.7.0)
    activemodel (4.1.9)
      activesupport (= 4.1.9)
      builder (~> 3.1)
    activerecord (4.1.9)
      activemodel (= 4.1.9)
      activesupport (= 4.1.9)
      arel (~> 5.0.0)
    activesupport (4.1.9)
      i18n (~> 0.6, >= 0.6.9)
      json (~> 1.7, >= 1.7.7)
      minitest (~> 5.1)
      thread_safe (~> 0.1)
      tzinfo (~> 1.1)
    arel (5.0.1.20140414130214)
    awesome_print (1.6.1)
    bcrypt (3.1.10)
    bson (3.2.6)
    builder (3.2.2)
    byebug (5.0.0)
      columnize (= 0.9.0)
    capybara (2.4.4)
      mime-types (>= 1.16)
      nokogiri (>= 1.3.3)
      rack (>= 1.0.0)
      rack-test (>= 0.5.4)
      xpath (~> 2.0)
    coderay (1.1.0)
    coffee-rails (4.0.1)
      coffee-script (>= 2.2.0)
      railties (>= 4.0.0, < 5.0)
    coffee-script (2.4.1)
      coffee-script-source
      execjs
    coffee-script-source (1.9.1.1)
    columnize (0.9.0)
    connection_pool (2.2.0)
    database_cleaner (1.4.1)
    devise (3.5.2)
      bcrypt (~> 3.0)
      orm_adapter (~> 0.1)
      railties (>= 3.2.6, < 5)
      responders
      thread_safe (~> 0.1)
      warden (~> 1.2.3)
    did_you_mean (0.9.10)
      interception
    diff-lcs (1.2.5)
    docile (1.1.5)
    enumerize (0.11.0)
      activesupport (>= 3.2)
    erubis (2.7.0)
    execjs (2.6.0)
    factory_girl (4.5.0)
      activesupport (>= 3.0.0)
    factory_girl_rails (4.5.0)
      factory_girl (~> 4.5.0)
      railties (>= 3.0.0)
    faraday (0.9.2)
      multipart-post (>= 1.2, < 3)
    ffaker (2.1.0)
    hashie (3.4.3)
    hike (1.2.3)
    i18n (0.7.0)
    interception (0.5)
    jbuilder (2.3.2)
      activesupport (>= 3.0.0, < 5)
      multi_json (~> 1.2)
    jquery-rails (3.1.4)
      railties (>= 3.0, < 5.0)
      thor (>= 0.14, < 2.0)
    json (1.8.3)
    jwt (1.5.2)
    libv8 (3.16.14.13)
    mail (2.6.3)
      mime-types (>= 1.16, < 3)
    method_source (0.8.2)
    mime-types (2.6.2)
    mini_portile (0.6.2)
    minitest (5.8.2)
    mongoid (4.0.2)
      activemodel (~> 4.0)
      moped (~> 2.0.0)
      origin (~> 2.1)
      tzinfo (>= 0.3.37)
    mongoid-rspec (2.2.0)
      mongoid (~> 4.0.0)
      rake
      rspec (~> 3.1)
    mongoid_paranoia (0.1.2)
      mongoid (> 3)
    moped (2.0.7)
      bson (~> 3.0)
      connection_pool (~> 2.0)
      optionable (~> 0.2.0)
    multi_json (1.11.2)
    multi_xml (0.5.5)
    multipart-post (2.0.0)
    nokogiri (1.6.6.2)
      mini_portile (~> 0.6.0)
    oauth2 (1.0.0)
      faraday (>= 0.8, < 0.10)
      jwt (~> 1.0)
      multi_json (~> 1.3)
      multi_xml (~> 0.5)
      rack (~> 1.2)
    omniauth (1.2.2)
      hashie (>= 1.2, < 4)
      rack (~> 1.0)
    omniauth-oauth2 (1.4.0)
      oauth2 (~> 1.0)
      omniauth (~> 1.2)
    optionable (0.2.0)
    origin (2.1.1)
    orm_adapter (0.5.0)
    pry (0.10.3)
      coderay (~> 1.1.0)
      method_source (~> 0.8.1)
      slop (~> 3.4)
    pry-byebug (3.2.0)
      byebug (~> 5.0)
      pry (~> 0.10)
    pry-doc (0.8.0)
      pry (~> 0.9)
      yard (~> 0.8)
    pry-rails (0.3.4)
      pry (>= 0.9.10)
    rack (1.5.5)
    rack-test (0.6.3)
      rack (>= 1.0)
    rails (4.1.9)
      actionmailer (= 4.1.9)
      actionpack (= 4.1.9)
      actionview (= 4.1.9)
      activemodel (= 4.1.9)
      activerecord (= 4.1.9)
      activesupport (= 4.1.9)
      bundler (>= 1.3.0, < 2.0)
      railties (= 4.1.9)
      sprockets-rails (~> 2.0)
    railties (4.1.9)
      actionpack (= 4.1.9)
      activesupport (= 4.1.9)
      rake (>= 0.8.7)
      thor (>= 0.18.1, < 2.0)
    rake (10.4.2)
    rdoc (4.2.0)
    ref (2.0.0)
    responders (1.1.2)
      railties (>= 3.2, < 4.2)
    rspec (3.3.0)
      rspec-core (~> 3.3.0)
      rspec-expectations (~> 3.3.0)
      rspec-mocks (~> 3.3.0)
    rspec-core (3.3.2)
      rspec-support (~> 3.3.0)
    rspec-expectations (3.3.1)
      diff-lcs (>= 1.2.0, < 2.0)
      rspec-support (~> 3.3.0)
    rspec-mocks (3.3.2)
      diff-lcs (>= 1.2.0, < 2.0)
      rspec-support (~> 3.3.0)
    rspec-rails (3.3.3)
      actionpack (>= 3.0, < 4.3)
      activesupport (>= 3.0, < 4.3)
      railties (>= 3.0, < 4.3)
      rspec-core (~> 3.3.0)
      rspec-expectations (~> 3.3.0)
      rspec-mocks (~> 3.3.0)
      rspec-support (~> 3.3.0)
    rspec-support (3.3.0)
    sass (3.2.19)
    sass-rails (4.0.5)
      railties (>= 4.0.0, < 5.0)
      sass (~> 3.2.2)
      sprockets (~> 2.8, < 3.0)
      sprockets-rails (~> 2.0)
    sdoc (0.4.1)
      json (~> 1.7, >= 1.7.7)
      rdoc (~> 4.0)
    simplecov (0.10.0)
      docile (~> 1.1.0)
      json (~> 1.8)
      simplecov-html (~> 0.10.0)
    simplecov-html (0.10.0)
    slop (3.6.0)
    spork (0.9.2)
    spring (1.4.0)
    sprockets (2.12.4)
      hike (~> 1.2)
      multi_json (~> 1.0)
      rack (~> 1.0)
      tilt (~> 1.1, != 1.3.0)
    sprockets-rails (2.3.3)
      actionpack (>= 3.0)
      activesupport (>= 3.0)
      sprockets (>= 2.8, < 4.0)
    therubyracer (0.12.2)
      libv8 (~> 3.16.14.0)
      ref
    thor (0.19.1)
    thread_safe (0.3.5)
    tilt (1.4.1)
    turbolinks (2.5.3)
      coffee-rails
    tzinfo (1.2.2)
      thread_safe (~> 0.1)
    uglifier (2.7.2)
      execjs (>= 0.3.0)
      json (>= 1.8.0)
    warden (1.2.3)
      rack (>= 1.0)
    xpath (2.0.0)
      nokogiri (~> 1.3)
    yard (0.8.7.6)

PLATFORMS
  ruby

DEPENDENCIES
  awesome_print
  capybara (~> 2.4.4)
  coffee-rails (~> 4.0.0)
  database_cleaner (~> 1.4.1)
  devise
  did_you_mean (~> 0.9.10)
  enumerize (~> 0.11.0)
  factory_girl_rails (~> 4.5.0)
  ffaker (~> 2.1.0)
  jbuilder (~> 2.0)
  jquery-rails
  mongoid (~> 4.0.2)
  mongoid-rspec (~> 2.2.0)
  mongoid_paranoia (~> 0.1.2)
  omniauth
  omniauth-oauth2
  pry-byebug (~> 3.2.0)
  pry-doc (~> 0.8.0)
  pry-rails (~> 0.3.4)
  rails (= 4.1.9)
  rspec-rails (~> 3.3.3)
  sass-rails (~> 4.0.3)
  sdoc (~> 0.4.0)
  simplecov (~> 0.10.0)
  spork (~> 0.9.2)
  spring
  therubyracer
  turbolinks
  uglifier (>= 1.3.0)

BUNDLED WITH
   1.10.6
